NUGET
  remote: http://www.nuget.org/api/v2
  specs:
    FAKE (4.20.0)
    FSharp.Core (4.0.0.1)
    FSharp.Data (2.2.5)
      Zlib.Portable (>= 1.10.0) - framework: portable-net40+sl50+wp80+win80
    FsUnit (1.4.1)
      FSharp.Core (>= 3.1.2.5)
      NUnit (2.6.4)
    Fuchu (1.0.3)
      FSharp.Core (>= 3.1.2.1)
    Microsoft.AspNet.Razor (3.2.3) - framework: >= net45
    NuGet.CommandLine (3.3.0)
    NUnit (2.6.4)
    NUnit.Runners (2.6.4)
    RazorEngine (3.7.7)
      Microsoft.AspNet.Razor (>= 3.0.0) - framework: >= net45
      Microsoft.AspNet.Razor (2.0.30506) - framework: net40
    Suave (1.1.1)
      FSharp.Core (>= 3.1.2.5)
    Suave.Testing (1.1.1)
      FSharp.Core (>= 3.1.2.5)
      Fuchu (>= 1.0.2)
      Suave (>= 1.1.1)
    Zlib.Portable (1.11.0) - framework: portable-net40+sl50+wp80+win80
