NUGET
  remote: http://nuget.org/api/v2
  specs:
    FAKE (4.7.2)
    NUnit (2.6.4)
    NUnit.Runners (2.6.4)
    NuGet.CommandLine (2.8.6)
