FRAMEWORK: NET45
NUGET
  remote: http://www.nuget.org/api/v2
    FAKE (4.45.2)
    FSharp.Core (4.0.0.1)
    FSharp.Data (2.3.2)
    FsUnit (1.4.1)
      FSharp.Core (>= 3.1.2.5)
      NUnit (2.6.4)
    Fuchu (1.0.3)
      FSharp.Core (>= 3.1.2.1)
    Microsoft.AspNet.Razor (3.2.3)
    NuGet.CommandLine (3.4.3)
    NUnit (2.6.4)
    NUnit.Runners (2.6.4)
    RazorEngine (3.9.3)
      Microsoft.AspNet.Razor (>= 3.0)
    Suave (1.1.3)
      FSharp.Core (>= 3.1.2.5)
    Suave.Testing (1.1.3)
      FSharp.Core (>= 3.1.2.5)
      Fuchu (>= 1.0.2)
      Suave (>= 1.1.3)
