NUGET
  remote: https://nuget.org/api/v2
  specs:
    FSharp.Core (4.0.0.1)
    FSharp.Data (2.2.5)
      Zlib.Portable (>= 1.10.0) - framework: portable-net40+sl50+wp80+win80
    Microsoft.AspNet.Razor (3.2.3) - framework: >= net45
    RazorEngine (3.7.4)
      Microsoft.AspNet.Razor (>= 3.0.0) - framework: >= net45
      Microsoft.AspNet.Razor (2.0.30506.0) - framework: net40
    Suave (0.33.0)
      FSharp.Core (>= 3.1.2.5)
    Suave.Razor (0.32.1)
      FSharp.Core (>= 3.1.2.5)
      RazorEngine (>= 3.7.0)
      Suave (>= 0.32.1)
    Zlib.Portable (1.11.0) - framework: portable-net40+sl50+wp80+win80
